PATH
  remote: ../plugins
  specs:
    vop-plugins (0.3.6)
      passgen

PATH
  remote: ../vop
  specs:
    vop (0.3.6)
      bcrypt_pbkdf
      byebug
      ed25519
      json (~> 2.3)
      net-scp
      net-ssh
      redis
      sidekiq (~> 6.1.2)
      terminal-table
      vault
      xml-simple

PATH
  remote: .
  specs:
    virtualop (0.3.6)
      vop (~> 0)
      vop-plugins (~> 0)

GEM
  remote: https://rubygems.org/
  specs:
    aws-eventstream (1.1.1)
    aws-sigv4 (1.2.4)
      aws-eventstream (~> 1, >= 1.0.2)
    bcrypt_pbkdf (1.1.0)
    byebug (11.1.3)
    connection_pool (2.2.5)
    ed25519 (1.2.4)
    json (2.5.1)
    net-scp (3.0.0)
      net-ssh (>= 2.6.5, < 7.0.0)
    net-ssh (6.1.0)
    passgen (1.2.0)
    rack (2.2.3)
    redis (4.4.0)
    sidekiq (6.1.3)
      connection_pool (>= 2.2.2)
      rack (~> 2.0)
      redis (>= 4.2.0)
    terminal-table (3.0.1)
      unicode-display_width (>= 1.1.1, < 3)
    unicode-display_width (2.0.0)
    vault (0.16.0)
      aws-sigv4
    xml-simple (1.1.8)

PLATFORMS
  ruby

DEPENDENCIES
  virtualop!
  vop!
  vop-plugins!

BUNDLED WITH
   2.1.4
