PATH
  remote: ../plugins
  specs:
    vop-plugins (0.3.6)
      passgen
      vault
      vop (>= 0.3.6)
      xml-simple

PATH
  remote: ../vop
  specs:
    vop (0.3.6)
      bcrypt_pbkdf
      byebug
      ed25519
      json (~> 2.3)
      net-scp
      net-ssh
      redis
      sidekiq
      terminal-table
      vault
      xml-simple

PATH
  remote: .
  specs:
    virtualop (0.3.6)
      vop (~> 0)
      vop-plugins (~> 0)

GEM
  remote: https://rubygems.org/
  specs:
    aws-eventstream (1.2.0)
    aws-sigv4 (1.5.2)
      aws-eventstream (~> 1, >= 1.0.2)
    bcrypt_pbkdf (1.1.0)
    byebug (11.1.3)
    concurrent-ruby (1.2.2)
    connection_pool (2.3.0)
    ed25519 (1.3.0)
    json (2.6.3)
    net-scp (4.0.0)
      net-ssh (>= 2.6.5, < 8.0.0)
    net-ssh (7.0.1)
    passgen (1.2.0)
    rack (3.0.7)
    redis (5.0.5)
      redis-client (>= 0.9.0)
    redis-client (0.12.0)
      connection_pool
    rexml (3.2.5)
    sidekiq (7.0.7)
      concurrent-ruby (< 2)
      connection_pool (>= 2.3.0)
      rack (>= 2.2.4)
      redis-client (>= 0.11.0)
    terminal-table (3.0.2)
      unicode-display_width (>= 1.1.1, < 3)
    unicode-display_width (2.4.2)
    vault (0.17.0)
      aws-sigv4
    xml-simple (1.1.9)
      rexml

PLATFORMS
  ruby

DEPENDENCIES
  virtualop!
  vop!
  vop-plugins!

BUNDLED WITH
   2.4.10
